PATH
  remote: .
  specs:
    any2pdf (1.2.1)
      css_parser
      nokogiri
      optimist
      pdfkit
      zlog

GEM
  remote: https://rubygems.org/
  specs:
    addressable (2.6.0)
      public_suffix (>= 2.0.2, < 4.0)
    css_parser (1.7.0)
      addressable
    little-plugger (1.1.4)
    logging (1.8.2)
      little-plugger (>= 1.1.3)
      multi_json (>= 1.8.4)
    mini_portile2 (2.4.0)
    multi_json (1.13.1)
    nokogiri (1.10.8)
      mini_portile2 (~> 2.4.0)
    optimist (3.0.0)
    pdfkit (0.8.7.2)
    public_suffix (3.1.1)
    zlog (0.9.2)
      logging (~> 1.8.1)

PLATFORMS
  ruby

DEPENDENCIES
  any2pdf!

BUNDLED WITH
   2.0.2
