PATH
  remote: .
  specs:
    any2pdf (1.0.0)
      fileutils
      nokogiri
      pdfkit
      trollop
      zlog

GEM
  specs:
    fileutils (0.7)
      rmagick (>= 2.13.1)
    little-plugger (1.1.3)
    logging (1.8.2)
      little-plugger (>= 1.1.3)
      multi_json (>= 1.8.4)
    mini_portile (0.5.3)
    multi_json (1.10.0)
    nokogiri (1.6.2)
      mini_portile (~> 0.5.2)
    pdfkit (0.6.1)
    rmagick (2.13.2)
    trollop (2.0)
    zlog (0.9.0)
      logging (~> 1.8.1)

PLATFORMS
  ruby

DEPENDENCIES
  any2pdf!
