PATH
  remote: .
  specs:
    any2pdf (1.1.1)
      css_parser
      nokogiri
      pdfkit
      trollop
      zlog

GEM
  specs:
    addressable (2.3.6)
    css_parser (1.3.5)
      addressable
    little-plugger (1.1.3)
    logging (1.8.2)
      little-plugger (>= 1.1.3)
      multi_json (>= 1.8.4)
    mini_portile (0.6.0)
    multi_json (1.10.1)
    nokogiri (1.6.2.1)
      mini_portile (= 0.6.0)
    pdfkit (0.6.1)
    trollop (2.0)
    zlog (0.9.2)
      logging (~> 1.8.1)

PLATFORMS
  ruby

DEPENDENCIES
  any2pdf!
